GEM
  remote: https://rubygems.org/
  specs:
    ffi (1.9.23)
    json (2.1.0)
    minitest (5.11.3)
    minitest-rg (5.2.0)
      minitest (~> 5.0)
    puma (3.11.3)
    rack (2.0.4)
    rack-test (1.0.0)
      rack (>= 1.0, < 3)
    rbnacl (5.0.0)
      ffi
    rbnacl-libsodium (1.0.16)
      rbnacl (>= 3.0.1)
    roda (3.6.0)
      rack

PLATFORMS
  ruby

DEPENDENCIES
  json
  minitest
  minitest-rg
  puma
  rack-test
  rbnacl-libsodium
  roda

RUBY VERSION
   ruby 2.5.1p57

BUNDLED WITH
   1.16.1
